PATH
  remote: .
  specs:
    seal_detective (0.1.0)

GEM
  remote: https://rubygems.org/
  specs:
    ast (2.4.2)
    binding_of_caller (1.0.1)
      debug_inspector (>= 1.2.0)
    coderay (1.1.3)
    debug_inspector (1.2.0)
    json (2.7.2)
    language_server-protocol (3.17.0.3)
    m (1.6.2)
      method_source (>= 0.6.7)
      rake (>= 0.9.2.2)
    method_source (1.1.0)
    minitest (5.24.1)
    minitest-stub-const (0.6)
    parallel (1.25.1)
    parser (3.3.4.0)
      ast (~> 2.4.1)
      racc
    pry (0.14.2)
      coderay (~> 1.1)
      method_source (~> 1.0)
    racc (1.8.0)
    rainbow (3.1.1)
    rake (13.2.1)
    regexp_parser (2.9.2)
    rexml (3.3.2)
      strscan
    rubocop (1.65.0)
      json (~> 2.3)
      language_server-protocol (>= 3.17.0)
      parallel (~> 1.10)
      parser (>= 3.3.0.2)
      rainbow (>= 2.2.2, < 4.0)
      regexp_parser (>= 2.4, < 3.0)
      rexml (>= 3.2.5, < 4.0)
      rubocop-ast (>= 1.31.1, < 2.0)
      ruby-progressbar (~> 1.7)
      unicode-display_width (>= 2.4.0, < 3.0)
    rubocop-ast (1.31.3)
      parser (>= 3.3.1.0)
    ruby-progressbar (1.13.0)
    strscan (3.1.0)
    unicode-display_width (2.5.0)

PLATFORMS
  ruby
  x86_64-darwin-20

DEPENDENCIES
  binding_of_caller (~> 1.0)
  m (~> 1.6)
  minitest (~> 5.16)
  minitest-stub-const (~> 0.6)
  pry (~> 0.14.2)
  rake (~> 13.0)
  rubocop (~> 1.21)
  seal_detective!

BUNDLED WITH
   2.5.10
